PATH
  remote: .
  specs:
    actionpager (0.0.7)

GEM
  remote: https://rubygems.org/
  specs:
    minitest (5.14.0)
    rake (13.0.1)

PLATFORMS
  ruby

DEPENDENCIES
  actionpager!
  bundler (~> 1.16)
  minitest (~> 5.0)
  rake (>= 12.3.3)

BUNDLED WITH
   1.17.2
